GEM
  remote: https://rubygems.org/
  specs:
    coderay (1.0.8)
    daemons (1.1.9)
    eventmachine (1.0.0)
    method_source (0.8.1)
    pry (0.9.10)
      coderay (~> 1.0.5)
      method_source (~> 0.8)
      slop (~> 3.3.1)
    rack (1.4.3)
    rack-protection (1.3.2)
      rack
    sequel (3.43.0)
    sinatra (1.3.3)
      rack (~> 1.3, >= 1.3.6)
      rack-protection (~> 1.2)
      tilt (~> 1.3, >= 1.3.3)
    slop (3.3.3)
    sqlite3 (1.3.6)
    thin (1.5.0)
      daemons (>= 1.0.9)
      eventmachine (>= 0.12.6)
      rack (>= 1.0.0)
    tilt (1.3.3)
    watchr (0.7)

PLATFORMS
  ruby

DEPENDENCIES
  pry
  sequel
  sinatra
  sqlite3
  thin
  watchr
